GEM
  remote: https://rubygems.org/
  specs:
    addressable (2.3.7)
    dotenv (1.0.2)
    dotenv-rails (1.0.2)
      dotenv (= 1.0.2)
    faraday (0.9.1)
      multipart-post (>= 1.2, < 3)
    kgio (2.9.3)
    koala (1.11.1)
      addressable
      faraday
      multi_json
    multi_json (1.10.1)
    multipart-post (2.0.0)
    rack (1.6.0)
    rack-protection (1.5.3)
      rack
    raindrops (0.13.0)
    sinatra (1.4.5)
      rack (~> 1.4)
      rack-protection (~> 1.4)
      tilt (~> 1.3, >= 1.3.4)
    sinatra-static-assets (1.0.4)
      sinatra (>= 1.1.0)
    tilt (1.4.1)
    unicorn (4.8.3)
      kgio (~> 2.6)
      rack
      raindrops (~> 0.7)

PLATFORMS
  java
  ruby

DEPENDENCIES
  dotenv-rails
  koala
  sinatra
  sinatra-static-assets
  unicorn
